STORAGE: NONE
RESTRICTION: || (== net6.0) (== netstandard2.0)
NUGET
  remote: https://api.nuget.org/v3/index.json
    FSharp.Core (7.0)
    FsUnit.xUnit (5.1)
      FSharp.Core (>= 5.0.2)
      NHamcrest (>= 3.0.1 < 3.1)
      xunit (>= 2.4.2 < 2.5)
    Microsoft.CodeCoverage (17.4) - restriction: || (== net6.0) (&& (== netstandard2.0) (>= net462)) (&& (== netstandard2.0) (>= netcoreapp3.1))
    Microsoft.NET.Test.Sdk (17.4)
      Microsoft.CodeCoverage (>= 17.4) - restriction: || (== net6.0) (&& (== netstandard2.0) (>= net462)) (&& (== netstandard2.0) (>= netcoreapp3.1))
      Microsoft.TestPlatform.TestHost (>= 17.4) - restriction: || (== net6.0) (&& (== netstandard2.0) (>= netcoreapp3.1))
    Microsoft.NETCore.Platforms (7.0)
    Microsoft.TestPlatform.ObjectModel (17.4) - restriction: || (== net6.0) (&& (== netstandard2.0) (>= netcoreapp3.1))
      NuGet.Frameworks (>= 5.11)
      System.Reflection.Metadata (>= 1.6)
    Microsoft.TestPlatform.TestHost (17.4) - restriction: || (== net6.0) (&& (== netstandard2.0) (>= netcoreapp3.1))
      Microsoft.TestPlatform.ObjectModel (>= 17.4) - restriction: || (== net6.0) (&& (== netstandard2.0) (>= netcoreapp3.1))
      Newtonsoft.Json (>= 13.0.1) - restriction: || (== net6.0) (&& (== netstandard2.0) (>= netcoreapp3.1))
    Mono.Cecil (0.11.4)
    NETStandard.Library (2.0.3)
      Microsoft.NETCore.Platforms (>= 1.1)
    Newtonsoft.Json (13.0.2) - restriction: || (== net6.0) (&& (== netstandard2.0) (>= netcoreapp3.1))
    NHamcrest (3.0.1)
    NuGet.Frameworks (6.4) - restriction: || (== net6.0) (&& (== netstandard2.0) (>= netcoreapp3.1))
    System.Collections.Immutable (7.0) - restriction: || (== net6.0) (&& (== netstandard2.0) (>= netcoreapp3.1))
      System.Runtime.CompilerServices.Unsafe (>= 6.0)
    System.Reflection.Metadata (7.0) - restriction: || (== net6.0) (&& (== netstandard2.0) (>= netcoreapp3.1))
      System.Collections.Immutable (>= 7.0)
    System.Runtime.CompilerServices.Unsafe (6.0) - restriction: || (== net6.0) (&& (== netstandard2.0) (>= netcoreapp3.1))
    xunit (2.4.2)
      xunit.analyzers (>= 1.0)
      xunit.assert (>= 2.4.2)
      xunit.core (2.4.2)
    xunit.abstractions (2.0.3)
    xunit.analyzers (1.1)
    xunit.assert (2.4.2)
      NETStandard.Library (>= 1.6.1)
    xunit.core (2.4.2)
      xunit.extensibility.core (2.4.2)
      xunit.extensibility.execution (2.4.2)
    xunit.extensibility.core (2.4.2)
      NETStandard.Library (>= 1.6.1)
      xunit.abstractions (>= 2.0.3)
    xunit.extensibility.execution (2.4.2)
      NETStandard.Library (>= 1.6.1)
      xunit.extensibility.core (2.4.2)
    xunit.runner.visualstudio (2.4.5)
